PATH
  remote: .
  specs:
    canto_oauth2-server (0.0.1)
      json (~> 1.8, >= 1.8.2)
      mysql2 (~> 0.3, >= 0.3.8)
      sequel (~> 4.22)
      sinatra (~> 1.4, >= 1.4.6)
      uuidtools (~> 2.1, >= 2.1.5)

GEM
  remote: https://rubygems.org/
  specs:
    json (1.8.2)
    mysql2 (0.3.18)
    rack (1.6.0)
    rack-protection (1.5.3)
      rack
    sequel (4.22.0)
    sinatra (1.4.6)
      rack (~> 1.4)
      rack-protection (~> 1.4)
      tilt (>= 1.3, < 3)
    tilt (2.0.1)
    uuidtools (2.1.5)

PLATFORMS
  ruby

DEPENDENCIES
  canto_oauth2-server!
