GEM
  remote: https://rubygems.org/
  specs:
    bson (1.12.1)
    bson_ext (1.12.1)
      bson (~> 1.12.1)
    iconv (1.0.4)
    json (1.8.2)
    jwt (0.1.13)
      multi_json (>= 1.5)
    mongo (1.12.1)
      bson (= 1.12.1)
    multi_json (1.11.0)
    rack (1.4.5)
    rack-oauth2-server (2.8.1)
      bson_ext
      iconv
      json
      jwt (~> 0.1.8)
      mongo (~> 1)
      rack (~> 1.4.5)
      sinatra (~> 1.3)
    rack-protection (1.5.3)
      rack
    sinatra (1.4.6)
      rack (~> 1.4)
      rack-protection (~> 1.4)
      tilt (>= 1.3, < 3)
    tilt (2.0.1)

PLATFORMS
  ruby

DEPENDENCIES
  rack-oauth2-server (~> 2.8.1)
