GEM
  remote: https://rubygems.org/
  specs:
    daemons (1.2.2)
    eventmachine (1.0.7)
    json (1.8.2)
    mysql2 (0.3.18)
    rack (1.4.5)
    rack-protection (1.5.3)
      rack
    sequel (4.22.0)
    sinatra (1.4.6)
      rack (~> 1.4)
      rack-protection (~> 1.4)
      tilt (>= 1.3, < 3)
    thin (1.6.3)
      daemons (~> 1.0, >= 1.0.9)
      eventmachine (~> 1.0)
      rack (~> 1.0)
    tilt (2.0.1)
    uuidtools (2.1.5)

PLATFORMS
  ruby

DEPENDENCIES
  json (~> 1.8.2)
  mysql2 (~> 0.3.8)
  sequel (~> 4.22.0)
  sinatra (~> 1.4.6)
  thin (~> 1.6.3)
  uuidtools (~> 2.1.5)
